GIT
  remote: git://github.com/Hobo/hobo_bootstrap.git
  revision: ac109e6ba4501b6e7194567a1e70c6dc1cfb88dc
  specs:
    hobo_bootstrap (2.0.0.pre4)
      compass-rails (~> 1.0.3)
      compass_twitter_bootstrap (~> 2.0.3)
      hobo (~> 2.0.0.pre1)
      hobo_jquery_ui (~> 2.0.0.pre1)
      will_paginate-bootstrap (~> 0.2.1)

GIT
  remote: git://github.com/Hobo/will_paginate.git
  revision: cc7ef01551b94fe4f607e38929037234dc70bb62
  specs:
    will_paginate (3.0.4.hobo)

GIT
  remote: git://github.com/tablatom/hobo
  revision: 940cc01c4bc75981d98e0fd607e9f18b44980f70
  specs:
    dryml (2.0.0.pre4)
      actionpack (~> 3.2.0)
      hobo_support (= 2.0.0.pre4)
    hobo (2.0.0.pre4)
      dryml (= 2.0.0.pre4)
      hobo_fields (= 2.0.0.pre4)
      hobo_support (= 2.0.0.pre4)
      will_paginate (~> 3.0.0)
    hobo_fields (2.0.0.pre4)
      hobo_support (= 2.0.0.pre4)
    hobo_jquery (2.0.0.pre4)
      hobo_rapid (= 2.0.0.pre4)
      jquery-rails (~> 2.0)
    hobo_jquery_ui (2.0.0.pre4)
      hobo (= 2.0.0.pre4)
      hobo_jquery (= 2.0.0.pre4)
      jquery-ui-themes (~> 0.0.4)
    hobo_rapid (2.0.0.pre4)
      hobo (= 2.0.0.pre4)
    hobo_support (2.0.0.pre4)
      rails (~> 3.2.0)

GEM
  remote: https://rubygems.org/
  specs:
    actionmailer (3.2.8)
      actionpack (= 3.2.8)
      mail (~> 2.4.4)
    actionpack (3.2.8)
      activemodel (= 3.2.8)
      activesupport (= 3.2.8)
      builder (~> 3.0.0)
      erubis (~> 2.7.0)
      journey (~> 1.0.4)
      rack (~> 1.4.0)
      rack-cache (~> 1.2)
      rack-test (~> 0.6.1)
      sprockets (~> 2.1.3)
    activemodel (3.2.8)
      activesupport (= 3.2.8)
      builder (~> 3.0.0)
    activerecord (3.2.8)
      activemodel (= 3.2.8)
      activesupport (= 3.2.8)
      arel (~> 3.0.2)
      tzinfo (~> 0.3.29)
    activeresource (3.2.8)
      activemodel (= 3.2.8)
      activesupport (= 3.2.8)
    activesupport (3.2.8)
      i18n (~> 0.6)
      multi_json (~> 1.0)
    arel (3.0.2)
    builder (3.0.4)
    chunky_png (1.2.6)
    coffee-rails (3.2.2)
      coffee-script (>= 2.2.0)
      railties (~> 3.2.0)
    coffee-script (2.2.0)
      coffee-script-source
      execjs
    coffee-script-source (1.3.3)
    compass (0.12.2)
      chunky_png (~> 1.2)
      fssm (>= 0.2.7)
      sass (~> 3.1)
    compass-rails (1.0.3)
      compass (>= 0.12.2, < 0.14)
    compass_twitter_bootstrap (2.0.3)
      compass
    erubis (2.7.0)
    execjs (1.4.0)
      multi_json (~> 1.0)
    fssm (0.2.9)
    hike (1.2.1)
    httparty (0.9.0)
      multi_json (~> 1.0)
      multi_xml
    i18n (0.6.1)
    journey (1.0.4)
    jquery-rails (2.1.3)
      railties (>= 3.1.0, < 5.0)
      thor (~> 0.14)
    jquery-ui-themes (0.0.7)
      httparty
    json (1.7.5)
    libv8 (3.3.10.4)
    mail (2.4.4)
      i18n (>= 0.4.0)
      mime-types (~> 1.16)
      treetop (~> 1.4.8)
    mime-types (1.19)
    multi_json (1.3.6)
    multi_xml (0.5.1)
    polyglot (0.3.3)
    quiet_assets (1.0.1)
      railties (~> 3.1)
    rack (1.4.1)
    rack-cache (1.2)
      rack (>= 0.4)
    rack-ssl (1.3.2)
      rack
    rack-test (0.6.2)
      rack (>= 1.0)
    rails (3.2.8)
      actionmailer (= 3.2.8)
      actionpack (= 3.2.8)
      activerecord (= 3.2.8)
      activeresource (= 3.2.8)
      activesupport (= 3.2.8)
      bundler (~> 1.0)
      railties (= 3.2.8)
    railties (3.2.8)
      actionpack (= 3.2.8)
      activesupport (= 3.2.8)
      rack-ssl (~> 1.3.2)
      rake (>= 0.8.7)
      rdoc (~> 3.4)
      thor (>= 0.14.6, < 2.0)
    rake (0.9.2.2)
    rdoc (3.12)
      json (~> 1.4)
    sass (3.2.1)
    sass-rails (3.2.5)
      railties (~> 3.2.0)
      sass (>= 3.1.10)
      tilt (~> 1.3)
    sprockets (2.1.3)
      hike (~> 1.2)
      rack (~> 1.0)
      tilt (~> 1.1, != 1.3.0)
    sqlite3 (1.3.6)
    therubyracer (0.10.2)
      libv8 (~> 3.3.10)
    thor (0.16.0)
    tilt (1.3.3)
    treetop (1.4.11)
      polyglot
      polyglot (>= 0.3.1)
    tzinfo (0.3.33)
    uglifier (1.3.0)
      execjs (>= 0.3.0)
      multi_json (~> 1.0, >= 1.0.2)
    will_paginate-bootstrap (0.2.1)
      will_paginate (>= 3.0.3)

PLATFORMS
  ruby

DEPENDENCIES
  coffee-rails (~> 3.2.1)
  execjs
  hobo!
  hobo_bootstrap!
  jquery-rails
  jquery-ui-themes (~> 0.0.4)
  quiet_assets
  rails (= 3.2.8)
  sass-rails (~> 3.2.3)
  sqlite3
  therubyracer
  uglifier (>= 1.0.3)
  will_paginate!
